PATH
  remote: .
  specs:
    selldotcom (0.2.0)
      nokogiri (~> 1.5.0)
      typhoeus (~> 0.3.3)

GEM
  remote: http://rubygems.org/
  specs:
    diff-lcs (1.1.3)
    mime-types (1.17.2)
    nokogiri (1.5.0)
    ore-core (0.1.5)
    ore-tasks (0.5.0)
      ore-core (~> 0.1, >= 0.1.3)
    rake (0.9.2.2)
    rspec (2.8.0)
      rspec-core (~> 2.8.0)
      rspec-expectations (~> 2.8.0)
      rspec-mocks (~> 2.8.0)
    rspec-core (2.8.0)
    rspec-expectations (2.8.0)
      diff-lcs (~> 1.1.2)
    rspec-mocks (2.8.0)
    typhoeus (0.3.3)
      mime-types
    yard (0.7.4)

PLATFORMS
  ruby

DEPENDENCIES
  bundler (~> 1.0.0)
  ore-tasks (~> 0.5.0)
  rake (~> 0.9.2)
  rspec (~> 2.8.0)
  selldotcom!
  yard (~> 0.7.4)
